GEM
  remote: https://rubygems.org/
  specs:
    addressable (2.5.2)
      public_suffix (>= 2.0.2, < 4.0)
    boxr (1.4.0)
      addressable (~> 2.3)
      hashie (~> 3.5)
      httpclient (~> 2.8)
      jwt (~> 1.4)
    dotenv (2.5.0)
    hashie (3.5.7)
    httpclient (2.8.3)
    jwt (1.5.6)
    public_suffix (3.0.2)

PLATFORMS
  ruby

DEPENDENCIES
  boxr (~> 1.4.0)
  dotenv (~> 2.5.0)

BUNDLED WITH
   1.16.3
